NUGET
  remote: https://www.nuget.org/api/v2
    FSharp.Core (4.0.0.1)
    Fuchu (1.0.3)
      FSharp.Core (>= 3.1.2.1)
